PATH
  remote: .
  specs:
    wallhavened (0.1.0)
      minitest (~> 5.16)
      nokogiri
      open-uri
      rake (~> 13.0)

GEM
  remote: https://rubygems.org/
  specs:
    date (3.3.4)
    mini_portile2 (2.8.5)
    minitest (5.20.0)
    nokogiri (1.16.0)
      mini_portile2 (~> 2.8.2)
      racc (~> 1.4)
    nokogiri (1.16.0-x86_64-linux)
      racc (~> 1.4)
    open-uri (0.4.1)
      stringio
      time
      uri
    racc (1.7.3)
    rake (13.1.0)
    stringio (3.1.0)
    time (0.3.0)
      date
    uri (0.13.0)

PLATFORMS
  ruby
  x86_64-linux

DEPENDENCIES
  wallhavened!

BUNDLED WITH
   2.5.6
